PATH
  remote: .
  specs:
    twenty48 (0.0.1)
      finite_mdp (~> 0.3.0)

GEM
  remote: https://rubygems.org/
  specs:
    ast (2.3.0)
    finite_mdp (0.3.0)
      narray (~> 0.6)
    gemma (4.1.0)
      highline (>= 1.6.21)
      minitest (>= 5.3.1)
      rake (>= 10.2.2)
      rdoc (>= 4.1.1)
      yard (>= 0.8.7)
    highline (1.7.8)
    json (1.8.3)
    minitest (5.9.0)
    narray (0.6.1.2)
    parser (2.3.1.2)
      ast (~> 2.2)
    powerpack (0.1.1)
    rainbow (2.1.0)
    rake (11.2.2)
    rake-compiler (1.0.1)
      rake
    rdoc (4.2.2)
      json (~> 1.4)
    rubocop (0.42.0)
      parser (>= 2.3.1.1, < 3.0)
      powerpack (~> 0.1)
      rainbow (>= 1.99.1, < 3.0)
      ruby-progressbar (~> 1.7)
      unicode-display_width (~> 1.0, >= 1.0.1)
    ruby-prof (0.15.9)
    ruby-progressbar (1.8.1)
    unicode-display_width (1.1.0)
    yard (0.9.5)

PLATFORMS
  ruby

DEPENDENCIES
  gemma (~> 4.1.0)
  rake-compiler (~> 1.0.1)
  rubocop (~> 0.42.0)
  ruby-prof (~> 0.15.9)
  twenty48!

RUBY VERSION
   ruby 2.3.1p112

BUNDLED WITH
   1.12.5
