GEM
  remote: https://rubygems.org/
  specs:
    ast (2.3.0)
    finite_mdp (0.2.0)
      narray (~> 0.6)
    narray (0.6.1.2)
    parser (2.3.1.2)
      ast (~> 2.2)
    powerpack (0.1.1)
    rainbow (2.1.0)
    rubocop (0.42.0)
      parser (>= 2.3.1.1, < 3.0)
      powerpack (~> 0.1)
      rainbow (>= 1.99.1, < 3.0)
      ruby-progressbar (~> 1.7)
      unicode-display_width (~> 1.0, >= 1.0.1)
    ruby-prof (0.15.9)
    ruby-progressbar (1.8.1)
    unicode-display_width (1.1.0)

PLATFORMS
  ruby

DEPENDENCIES
  finite_mdp
  rubocop
  ruby-prof

BUNDLED WITH
   1.11.2
